GEM
  remote: https://rubygems.org/
  specs:
    actionmailer (3.2.0.rc1)
      actionpack (= 3.2.0.rc1)
      mail (~> 2.3.0)
    actionpack (3.2.0.rc1)
      activemodel (= 3.2.0.rc1)
      activesupport (= 3.2.0.rc1)
      builder (~> 3.0.0)
      erubis (~> 2.7.0)
      i18n (~> 0.6)
      journey (~> 1.0.0.rc1)
      rack (~> 1.3.5)
      rack-cache (~> 1.1)
      rack-test (~> 0.6.1)
      sprockets (~> 2.1.2)
    activemodel (3.2.0.rc1)
      activesupport (= 3.2.0.rc1)
      builder (~> 3.0.0)
      i18n (~> 0.6)
    activerecord (3.2.0.rc1)
      activemodel (= 3.2.0.rc1)
      activesupport (= 3.2.0.rc1)
      arel (~> 3.0.0.rc1)
      tzinfo (~> 0.3.29)
    activeresource (3.2.0.rc1)
      activemodel (= 3.2.0.rc1)
      activesupport (= 3.2.0.rc1)
    activesupport (3.2.0.rc1)
      i18n (~> 0.6)
      multi_json (~> 1.0)
    archive-tar-minitar (0.5.2)
    arel (3.0.0.rc1)
    builder (3.0.0)
    coffee-rails (3.2.0)
      coffee-script (>= 2.2.0)
      railties (~> 3.2.0.beta)
    coffee-script (2.2.0)
      coffee-script-source
      execjs
    coffee-script-source (1.2.0)
    columnize (0.3.6)
    database_cleaner (0.7.0)
    diff-lcs (1.1.3)
    erubis (2.7.0)
    execjs (1.2.13)
      multi_json (~> 1.0)
    forgery (0.5.0)
    fuubar (0.0.6)
      rspec (~> 2.0)
      rspec-instafail (~> 0.1.8)
      ruby-progressbar (~> 0.0.10)
    haml (3.1.4)
    haml-rails (0.3.4)
      actionpack (~> 3.0)
      activesupport (~> 3.0)
      haml (~> 3.0)
      railties (~> 3.0)
    has_scope (0.5.1)
    hike (1.2.1)
    i18n (0.6.0)
    inherited_resources (1.3.0)
      has_scope (~> 0.5.0)
      responders (~> 0.6.0)
    journey (1.0.0.rc3)
    jquery-rails (2.0.0)
      railties (>= 3.2.0.beta, < 5.0)
      thor (~> 0.14)
    json (1.6.4)
    linecache19 (0.5.13)
      ruby_core_source (>= 0.1.4)
    machinist (1.0.6)
    mail (2.3.0)
      i18n (>= 0.4.0)
      mime-types (~> 1.16)
      treetop (~> 1.4.8)
    mime-types (1.17.2)
    multi_json (1.0.4)
    pg (0.12.0)
      rake-compiler (~> 0.7)
    polyamorous (0.5.0)
      activerecord (~> 3.0)
    polyglot (0.3.3)
    rack (1.3.5)
    rack-cache (1.1)
      rack (>= 0.4)
    rack-ssl (1.3.2)
      rack
    rack-test (0.6.1)
      rack (>= 1.0)
    rails (3.2.0.rc1)
      actionmailer (= 3.2.0.rc1)
      actionpack (= 3.2.0.rc1)
      activerecord (= 3.2.0.rc1)
      activeresource (= 3.2.0.rc1)
      activesupport (= 3.2.0.rc1)
      bundler (~> 1.0)
      railties (= 3.2.0.rc1)
    railties (3.2.0.rc1)
      actionpack (= 3.2.0.rc1)
      activesupport (= 3.2.0.rc1)
      rack-ssl (~> 1.3.2)
      rake (>= 0.8.7)
      rdoc (~> 3.4)
      thor (~> 0.14.6)
    rake (0.9.2.2)
    rake-compiler (0.7.9)
      rake
    rdoc (3.12)
      json (~> 1.4)
    responders (0.6.4)
    rspec (2.7.0)
      rspec-core (~> 2.7.0)
      rspec-expectations (~> 2.7.0)
      rspec-mocks (~> 2.7.0)
    rspec-core (2.7.1)
    rspec-expectations (2.7.0)
      diff-lcs (~> 1.1.2)
    rspec-instafail (0.1.9)
    rspec-mocks (2.7.0)
    rspec-rails (2.7.0)
      actionpack (~> 3.0)
      activesupport (~> 3.0)
      railties (~> 3.0)
      rspec (~> 2.7.0)
    ruby-debug-base19 (0.11.26)
      columnize (>= 0.3.1)
      linecache19 (>= 0.5.11)
      ruby_core_source (>= 0.1.4)
    ruby-debug19 (0.11.6)
      columnize (>= 0.3.1)
      linecache19 (>= 0.5.11)
      ruby-debug-base19 (>= 0.11.19)
    ruby-progressbar (0.0.10)
    ruby_core_source (0.1.5)
      archive-tar-minitar (>= 0.5.2)
    sass (3.1.12)
    sass-rails (3.2.2)
      railties (~> 3.2.0.beta)
      sass (>= 3.1.10)
      tilt (~> 1.3)
    sprockets (2.1.2)
      hike (~> 1.2)
      rack (~> 1.0)
      tilt (~> 1.1, != 1.3.0)
    squeel (0.9.3)
      activerecord (~> 3.0)
      activesupport (~> 3.0)
      polyamorous (~> 0.5.0)
    thor (0.14.6)
    tilt (1.3.3)
    treetop (1.4.10)
      polyglot
      polyglot (>= 0.3.1)
    tzinfo (0.3.31)
    uglifier (1.2.1)
      execjs (>= 0.3.0)
      multi_json (>= 1.0.2)
    valium (0.4.0)
      activerecord (>= 3.0.2)

PLATFORMS
  ruby

DEPENDENCIES
  coffee-rails (~> 3.2.0)
  database_cleaner
  forgery
  fuubar
  haml
  haml-rails
  inherited_resources
  jquery-rails
  linecache19 (~> 0.5.13)
  machinist
  pg
  rails (= 3.2.0.rc1)
  rspec-rails (~> 2.6)
  ruby-debug-base19 (~> 0.11.26)
  ruby-debug19
  sass-rails (~> 3.2.0)
  squeel
  uglifier (>= 1.0.3)
  valium
